GIT
  remote: git://github.com/fog/fog.git
  revision: ca945a0432a1fae4b1cc8bd650a09eefd0082303
  specs:
    fog (1.11.1)
      builder
      excon (~> 0.20)
      formatador (~> 0.2.0)
      json (~> 1.7)
      mime-types
      net-scp (~> 1.1)
      net-ssh (>= 2.1.3)
      nokogiri (~> 1.5.0)
      ruby-hmac

GIT
  remote: git://github.com/opscode/chef.git
  revision: 2ac8fe02d4b1e4a95c6721dcc70b9569e7ba1d04
  specs:
    chef (11.4.0)
      erubis
      highline (>= 1.6.9)
      json (>= 1.4.4, <= 1.7.7)
      mixlib-authentication (>= 1.3.0)
      mixlib-cli (~> 1.3.0)
      mixlib-config (>= 1.1.2)
      mixlib-log (>= 1.3.0)
      mixlib-shellout
      net-ssh (~> 2.6)
      net-ssh-multi (~> 1.1.0)
      ohai (>= 0.6.0)
      rest-client (>= 1.0.4, < 1.7.0)
      yajl-ruby (~> 1.1)

GIT
  remote: git://github.com/plataformatec/devise.git
  revision: 4e2cdc2d5b812c2df1a60a2510f149c84cae3cf9
  specs:
    devise (3.0.0.rc)
      bcrypt-ruby (~> 3.0)
      orm_adapter (~> 0.1)
      railties (>= 3.2.6, < 5)
      warden (~> 1.2.1)

GIT
  remote: git://github.com/rails/rails.git
  revision: 338fce0a632e9521d4597dfc42d935aaf5f7c5b7
  specs:
    actionmailer (4.1.0.beta)
      actionpack (= 4.1.0.beta)
      mail (~> 2.5.3)
    actionpack (4.1.0.beta)
      activesupport (= 4.1.0.beta)
      builder (~> 3.1.0)
      erubis (~> 2.7.0)
      rack (~> 1.5.2)
      rack-test (~> 0.6.2)
    activemodel (4.1.0.beta)
      activesupport (= 4.1.0.beta)
      builder (~> 3.1.0)
    activerecord (4.1.0.beta)
      activemodel (= 4.1.0.beta)
      activerecord-deprecated_finders (~> 1.0.2)
      activesupport (= 4.1.0.beta)
      arel (~> 4.0.0)
    activesupport (4.1.0.beta)
      i18n (~> 0.6, >= 0.6.4)
      minitest (~> 4.2)
      multi_json (~> 1.3)
      thread_safe (~> 0.1)
      tzinfo (~> 0.3.37)
    rails (4.1.0.beta)
      actionmailer (= 4.1.0.beta)
      actionpack (= 4.1.0.beta)
      activerecord (= 4.1.0.beta)
      activesupport (= 4.1.0.beta)
      bundler (>= 1.3.0, < 2.0)
      railties (= 4.1.0.beta)
      sprockets-rails (~> 2.0.0.rc4)
    railties (4.1.0.beta)
      actionpack (= 4.1.0.beta)
      activesupport (= 4.1.0.beta)
      rake (>= 0.8.7)
      thor (>= 0.18.1, < 2.0)

GEM
  remote: http://rubygems.org/
  specs:
    active_model_serializers (0.8.0)
      activemodel (>= 3.0)
    activerecord-deprecated_finders (1.0.2)
    anjlab-bootstrap-rails (2.3.1.1)
      railties (>= 3.0)
      sass (>= 3.2)
    ansi (1.4.3)
    arel (4.0.0)
    atomic (1.1.9)
    barber (0.4.2)
      ember-source
      execjs
      handlebars-source
    bcrypt-ruby (3.0.1)
    builder (3.1.4)
    coderay (1.0.9)
    coffee-rails (4.0.0)
      coffee-script (>= 2.2.0)
      railties (>= 4.0.0.beta, < 5.0)
    coffee-script (2.2.0)
      coffee-script-source
      execjs
    coffee-script-source (1.6.2)
    diff-lcs (1.2.4)
    ember-auth-rails (4.0.1)
      ember-auth-source
      rails
    ember-auth-source (6.0.3)
      ember-source (>= 0.0.2, != 1.0.0.rc1.2, != 1.0.0.rc1.1, != 1.0.0.rc1.0.0, != 1.0.0.pre4.1)
    ember-data-source (0.0.5)
      ember-source
    ember-rails (0.12.0)
      active_model_serializers
      barber (>= 0.4.1)
      ember-data-source
      ember-source (>= 1.0.0.rc2.2)
      execjs (>= 1.2)
      railties (>= 3.1)
    ember-source (1.0.0.rc3.3)
      handlebars-source (>= 1.0.0.rc3, < 1.0.0.rc4)
    erubis (2.7.0)
    excon (0.21.0)
    execjs (1.4.0)
      multi_json (~> 1.0)
    ffi (1.8.1)
    formatador (0.2.4)
    guard (1.8.0)
      formatador (>= 0.2.4)
      listen (>= 1.0.0)
      lumberjack (>= 1.0.2)
      pry (>= 0.9.10)
      thor (>= 0.14.6)
    guard-bundler (1.0.0)
      bundler (~> 1.0)
      guard (~> 1.1)
    guard-rails (0.4.2)
      guard (>= 0.2.2)
    guard-rspec (2.6.0)
      guard (>= 1.8)
      rspec (~> 2.13)
    guard-zeus (0.0.1)
      guard
      zeus
    haml (3.1.7)
    haml-rails (0.3.5)
      actionpack (>= 3.1, < 4.1)
      activesupport (>= 3.1, < 4.1)
      haml (~> 3.1)
      railties (>= 3.1, < 4.1)
    handlebars-source (1.0.0.rc3)
    highline (1.6.18)
    hike (1.2.2)
    i18n (0.6.4)
    ipaddress (0.8.0)
    jquery-rails (2.2.1)
      railties (>= 3.0, < 5.0)
      thor (>= 0.14, < 2.0)
    json (1.7.7)
    knife-ec2 (0.6.4)
      chef (>= 0.10.10)
      fog (~> 1.6)
    listen (1.0.3)
      rb-fsevent (>= 0.9.3)
      rb-inotify (>= 0.9)
      rb-kqueue (>= 0.2)
    lumberjack (1.0.3)
    mail (2.5.3)
      i18n (>= 0.4.0)
      mime-types (~> 1.16)
      treetop (~> 1.4.8)
    method_source (0.8.1)
    mime-types (1.23)
    minitest (4.7.4)
    mixlib-authentication (1.3.0)
      mixlib-log
    mixlib-cli (1.3.0)
    mixlib-config (1.1.2)
    mixlib-log (1.6.0)
    mixlib-shellout (1.1.0)
    multi_json (1.7.3)
    net-scp (1.1.0)
      net-ssh (>= 2.6.5)
    net-ssh (2.6.7)
    net-ssh-gateway (1.2.0)
      net-ssh (>= 2.6.5)
    net-ssh-multi (1.1)
      net-ssh (>= 2.1.4)
      net-ssh-gateway (>= 0.99.0)
    nokogiri (1.5.9)
    ohai (6.16.0)
      ipaddress
      mixlib-cli
      mixlib-config
      mixlib-log
      mixlib-shellout
      systemu
      yajl-ruby
    orm_adapter (0.4.0)
    polyglot (0.3.3)
    pry (0.9.12.1)
      coderay (~> 1.0.5)
      method_source (~> 0.8)
      slop (~> 3.4)
    qunit-rails (0.0.3)
      railties (>= 3.2.3)
    rack (1.5.2)
    rack-test (0.6.2)
      rack (>= 1.0)
    rake (10.0.4)
    rb-fsevent (0.9.3)
    rb-inotify (0.9.0)
      ffi (>= 0.5.0)
    rb-kqueue (0.2.0)
      ffi (>= 0.5.0)
    rest-client (1.6.7)
      mime-types (>= 1.16)
    rspec (2.13.0)
      rspec-core (~> 2.13.0)
      rspec-expectations (~> 2.13.0)
      rspec-mocks (~> 2.13.0)
    rspec-core (2.13.1)
    rspec-expectations (2.13.0)
      diff-lcs (>= 1.1.3, < 2.0)
    rspec-mocks (2.13.1)
    rspec-rails (2.13.1)
      actionpack (>= 3.0)
      activesupport (>= 3.0)
      railties (>= 3.0)
      rspec-core (~> 2.13.0)
      rspec-expectations (~> 2.13.0)
      rspec-mocks (~> 2.13.0)
    ruby-hmac (0.4.0)
    sass (3.2.8)
    sass-rails (4.0.0.rc1)
      railties (>= 4.0.0.beta, < 5.0)
      sass (>= 3.1.10)
      sprockets-rails (~> 2.0.0.rc0)
      tilt (~> 1.3)
    slop (3.4.4)
    sprockets (2.9.3)
      hike (~> 1.2)
      multi_json (~> 1.0)
      rack (~> 1.0)
      tilt (~> 1.1, != 1.3.0)
    sprockets-rails (2.0.0.rc4)
      actionpack (>= 3.0)
      activesupport (>= 3.0)
      sprockets (~> 2.8)
    sqlite3 (1.3.7)
    systemu (2.5.2)
    thor (0.18.1)
    thread_safe (0.1.0)
      atomic
    tilt (1.4.0)
    treetop (1.4.12)
      polyglot
      polyglot (>= 0.3.1)
    turn (0.8.3)
      ansi
    tzinfo (0.3.37)
    uglifier (2.0.1)
      execjs (>= 0.3.0)
      multi_json (~> 1.0, >= 1.0.2)
    warden (1.2.1)
      rack (>= 1.0)
    yajl-ruby (1.1.0)
    zeus (0.13.3)
      method_source (>= 0.6.7)

PLATFORMS
  ruby

DEPENDENCIES
  anjlab-bootstrap-rails (>= 2.1)
  bcrypt-ruby (~> 3.0.0)
  chef!
  coffee-rails
  devise!
  ember-auth-rails
  ember-auth-source
  ember-rails
  fog!
  guard-bundler
  guard-rails
  guard-rspec
  guard-zeus
  haml-rails
  jquery-rails
  knife-ec2
  qunit-rails
  rails!
  rspec-rails
  sass-rails (= 4.0.0.rc1)
  sqlite3
  turn (~> 0.8.3)
  uglifier (>= 1.0.3)
